ObjectType = Image
NDims = 3
ElementNumberOfChannels = 1
DimSize = 21 32 42 
ElementType = MET_SHORT
ElementSpacing = 0.449219 0.449219 0.625 
Position = 57.5 50.7617 126.25 
Orientation = 1 0 0 0 1 0 0 0 1 
isPerpective = 0
ElementDataFile = essai_crop_2.raw
